PATH
  remote: .
  specs:
    s3db-backup (0.8.2)
      aws-sdk

GEM
  remote: http://rubygems.org/
  specs:
    aws-sdk (1.26.0)
      json (~> 1.4)
      nokogiri (>= 1.4.4, < 1.6.0)
      uuidtools (~> 2.1)
    diff-lcs (1.1.3)
    json (1.8.1)
    nokogiri (1.5.10)
    rspec (2.7.0)
      rspec-core (~> 2.7.0)
      rspec-expectations (~> 2.7.0)
      rspec-mocks (~> 2.7.0)
    rspec-core (2.7.1)
    rspec-expectations (2.7.0)
      diff-lcs (~> 1.1.2)
    rspec-mocks (2.7.0)
    uuidtools (2.1.4)

PLATFORMS
  ruby

DEPENDENCIES
  rspec (>= 1.2.9)
  s3db-backup!
